PATH
  remote: .
  specs:
    bob_ross (1)
      mini_mime
      sqlite3
      terrapin

GEM
  remote: https://rubygems.org/
  specs:
    activesupport (5.2.2)
      concurrent-ruby (~> 1.0, >= 1.0.2)
      i18n (>= 0.7, < 2)
      minitest (~> 5.1)
      tzinfo (~> 1.1)
    ansi (1.5.0)
    builder (3.2.3)
    byebug (11.0.0)
    climate_control (0.2.0)
    concurrent-ruby (1.1.4)
    ffi (1.10.0)
    i18n (1.5.1)
      concurrent-ruby (~> 1.0)
    metaclass (0.0.4)
    mini_mime (1.0.1)
    minitest (5.11.3)
    minitest-reporters (1.3.7)
      ansi
      builder
      minitest (>= 5.0)
      ruby-progressbar
    mocha (1.7.0)
      metaclass (~> 0.0.1)
    rack (2.0.6)
    rake (12.3.2)
    ruby-progressbar (1.10.1)
    ruby-vips (2.0.13)
      ffi (~> 1.9)
    sqlite3 (1.4.0)
    standardstorage (1.0.2)
      terrapin
    terrapin (0.6.0)
      climate_control (>= 0.0.3, < 1.0)
    thread_safe (0.3.6)
    tzinfo (1.2.5)
      thread_safe (~> 0.1)

PLATFORMS
  ruby

DEPENDENCIES
  activesupport
  bob_ross!
  bundler
  byebug
  minitest
  minitest-reporters
  mocha
  rack
  rake
  ruby-vips
  standardstorage

BUNDLED WITH
   1.17.3
