PATH
  remote: .
  specs:
    bob_ross (1)
      mini_mime
      sqlite3
      terrapin

GEM
  remote: https://rubygems.org/
  specs:
    activesupport (6.0.3.2)
      concurrent-ruby (~> 1.0, >= 1.0.2)
      i18n (>= 0.7, < 2)
      minitest (~> 5.1)
      tzinfo (~> 1.1)
      zeitwerk (~> 2.2, >= 2.2.2)
    ansi (1.5.0)
    builder (3.2.4)
    byebug (11.1.3)
    climate_control (0.2.0)
    concurrent-ruby (1.1.6)
    ffi (1.13.1)
    i18n (1.8.5)
      concurrent-ruby (~> 1.0)
    mini_mime (1.0.2)
    minitest (5.14.1)
    minitest-reporters (1.4.2)
      ansi
      builder
      minitest (>= 5.0)
      ruby-progressbar
    mocha (1.11.2)
    rack (2.2.3)
    rake (13.0.1)
    ruby-progressbar (1.10.1)
    ruby-vips (2.0.17)
      ffi (~> 1.9)
    sqlite3 (1.4.2)
    standardstorage (1.0.2)
      terrapin
    terrapin (0.6.0)
      climate_control (>= 0.0.3, < 1.0)
    thread_safe (0.3.6)
    tzinfo (1.2.7)
      thread_safe (~> 0.1)
    zeitwerk (2.4.0)

PLATFORMS
  ruby

DEPENDENCIES
  activesupport
  bob_ross!
  bundler
  byebug
  minitest
  minitest-reporters
  mocha
  rack
  rake
  ruby-vips
  standardstorage

BUNDLED WITH
   1.17.3
